PATH
  remote: .
  specs:
    osm-rb (0.0.6)
      oily_png (~> 1.2.1)
      typhoeus (~> 1.3.1)

GEM
  remote: https://rubygems.org/
  specs:
    chunky_png (1.3.11)
    diff-lcs (1.3)
    ethon (0.12.0)
      ffi (>= 1.3.0)
    ffi (1.12.2)
    oily_png (1.2.1)
      chunky_png (~> 1.3.7)
    rake (13.0.1)
    rspec (3.9.0)
      rspec-core (~> 3.9.0)
      rspec-expectations (~> 3.9.0)
      rspec-mocks (~> 3.9.0)
    rspec-core (3.9.1)
      rspec-support (~> 3.9.1)
    rspec-expectations (3.9.1)
      diff-lcs (>= 1.2.0, < 2.0)
      rspec-support (~> 3.9.0)
    rspec-mocks (3.9.1)
      diff-lcs (>= 1.2.0, < 2.0)
      rspec-support (~> 3.9.0)
    rspec-support (3.9.2)
    typhoeus (1.3.1)
      ethon (>= 0.9.0)

PLATFORMS
  ruby

DEPENDENCIES
  bundler (~> 2.0)
  osm-rb!
  rake (~> 13.0.1)
  rspec (~> 3.0)

BUNDLED WITH
   2.0.2
